GEM
  remote: https://rubygems.org/
  specs:
    sass (3.4.23)

PLATFORMS
  ruby

DEPENDENCIES
  sass

BUNDLED WITH
   1.14.6
